GEM
  remote: https://rubygems.org/
  specs:
    daemons (1.1.8)
    json (1.8.1)
    mimic (0.4.3)
      json
      plist
      rack
      sinatra
    plist (3.1.0)
    rack (1.5.2)
    rack-protection (1.5.3)
      rack
    sinatra (1.4.5)
      rack (~> 1.4)
      rack-protection (~> 1.4)
      tilt (~> 1.3, >= 1.3.4)
    tilt (1.4.1)

PLATFORMS
  ruby

DEPENDENCIES
  daemons
  mimic
